GEM
  remote: https://rubygems.org/
  specs:
    faraday (2.12.2)
      faraday-net_http (>= 2.0, < 3.5)
      json
      logger
    faraday-net_http (3.4.0)
      net-http (>= 0.5.0)
    json (2.10.1)
    logger (1.6.6)
    net-http (0.6.0)
      uri
    uri (1.0.3)

PLATFORMS
  ruby
  x86_64-linux

DEPENDENCIES
  faraday

BUNDLED WITH
   2.5.11
